GEM
  remote: https://rubygems.org/
  specs:
    awesome_print (1.8.0)
    bson (4.4.2)
    daemons (1.3.1)
    eventmachine (1.2.7)
    ffi (1.10.0)
    mini_portile2 (2.8.0)
    mongo (2.8.0)
      bson (>= 4.4.2, < 5.0.0)
    multi_json (1.15.0)
    mustermann (2.0.2)
      ruby2_keywords (~> 0.0.1)
    nokogiri (1.13.10)
      mini_portile2 (~> 2.8.0)
      racc (~> 1.4)
    racc (1.6.1)
    rack (2.2.6.3)
    rack-protection (2.2.3)
      rack
    rb-fsevent (0.10.3)
    rb-inotify (0.10.0)
      ffi (~> 1.0)
    ruby2_keywords (0.0.5)
    sass (3.7.4)
      sass-listen (~> 4.0.0)
    sass-listen (4.0.0)
      rb-fsevent (~> 0.9, >= 0.9.4)
      rb-inotify (~> 0.9, >= 0.9.7)
    sinatra (2.2.3)
      mustermann (~> 2.0)
      rack (~> 2.2)
      rack-protection (= 2.2.3)
      tilt (~> 2.0)
    sinatra-contrib (2.2.3)
      multi_json
      mustermann (~> 2.0)
      rack-protection (= 2.2.3)
      sinatra (= 2.2.3)
      tilt (~> 2.0)
    sinatra-reloader (1.0)
      sinatra-contrib
    thin (1.7.2)
      daemons (~> 1.0, >= 1.0.9)
      eventmachine (~> 1.0, >= 1.0.4)
      rack (>= 1, < 3)
    tilt (2.0.11)

PLATFORMS
  ruby

DEPENDENCIES
  awesome_print
  mongo
  nokogiri (>= 1.10.4)
  sass
  sinatra (>= 2.0.2)
  sinatra-reloader
  thin

RUBY VERSION
   ruby 2.6.0p0

BUNDLED WITH
   1.17.2
