GEM
  remote: https://rubygems.org/
  specs:
    awesome_print (1.8.0)
    backports (3.11.1)
    bson (4.3.0)
    daemons (1.2.6)
    eventmachine (1.2.5)
    ffi (1.9.23)
    mini_portile2 (2.3.0)
    mongo (2.5.1)
      bson (>= 4.3.0, < 5.0.0)
    multi_json (1.13.1)
    mustermann (1.0.2)
    nokogiri (1.8.2)
      mini_portile2 (~> 2.3.0)
    rack (2.0.4)
    rack-protection (2.0.1)
      rack
    rb-fsevent (0.10.3)
    rb-inotify (0.9.10)
      ffi (>= 0.5.0, < 2)
    sass (3.5.6)
      sass-listen (~> 4.0.0)
    sass-listen (4.0.0)
      rb-fsevent (~> 0.9, >= 0.9.4)
      rb-inotify (~> 0.9, >= 0.9.7)
    sinatra (2.0.1)
      mustermann (~> 1.0)
      rack (~> 2.0)
      rack-protection (= 2.0.1)
      tilt (~> 2.0)
    sinatra-contrib (2.0.1)
      backports (>= 2.0)
      multi_json
      mustermann (~> 1.0)
      rack-protection (= 2.0.1)
      sinatra (= 2.0.1)
      tilt (>= 1.3, < 3)
    sinatra-reloader (1.0)
      sinatra-contrib
    thin (1.7.2)
      daemons (~> 1.0, >= 1.0.9)
      eventmachine (~> 1.0, >= 1.0.4)
      rack (>= 1, < 3)
    tilt (2.0.8)

PLATFORMS
  ruby

DEPENDENCIES
  awesome_print
  mongo
  nokogiri
  sass
  sinatra
  sinatra-reloader
  thin

RUBY VERSION
   ruby 2.4.0p0

BUNDLED WITH
   1.16.1
